GEM
  remote: https://rubygems.org/
  specs:
    byebug (8.2.1)
    net-sftp (2.1.2)
      net-ssh (>= 2.6.5)
    net-ssh (2.9.2)
    terrun (1.1.0)

PLATFORMS
  ruby
  x64-mingw32

DEPENDENCIES
  byebug
  net-sftp
  terrun

BUNDLED WITH
   1.10.5
